GEM
  remote: http://rubygems.org/
  specs:
    RedCloth (4.2.2)
    SyslogLogger (2.0)
    actionmailer (2.3.11)
      actionpack (= 2.3.11)
    actionpack (2.3.11)
      activesupport (= 2.3.11)
      rack (~> 1.1.0)
    activerecord (2.3.11)
      activesupport (= 2.3.11)
    activeresource (2.3.11)
      activesupport (= 2.3.11)
    activesupport (2.3.11)
    acts_as_reportable (1.1.1)
      ruport (>= 1.6.0)
    color (1.7.1)
    columnize (0.9.0)
    eventmachine (1.0.7)
    facter (1.5.6)
    fast_xs (0.7.3)
    fastercsv (1.2.3)
    hoe (2.3.2)
      rake (>= 0.8.7)
      rubyforge (>= 1.0.3)
    hpricot (0.8.1)
    is_graffitiable (0.1.4)
    json_pure (1.8.2)
    linecache (0.46)
      rbx-require-relative (> 0.0.4)
    memcache-client (1.8.5)
    pdf-writer (1.1.8)
      color (>= 1.4.0)
      transaction-simple (~> 1.3)
    rack (1.1.6)
    rails (2.3.11)
      actionmailer (= 2.3.11)
      actionpack (= 2.3.11)
      activerecord (= 2.3.11)
      activeresource (= 2.3.11)
      activesupport (= 2.3.11)
      rake (>= 0.8.3)
    rake (10.4.2)
    rbx-require-relative (0.0.9)
    ruby-debug (0.10.3)
      columnize (>= 0.1)
      ruby-debug-base (~> 0.10.3.0)
    ruby-debug-base (0.10.3)
      linecache (>= 0.3)
    ruby-graphviz (0.9.0)
    ruby-mysql (2.9.4)
    ruby-net-ldap (0.0.4)
    rubyforge (2.0.4)
      json_pure (>= 1.1.7)
    ruport (1.6.1)
      fastercsv (= 1.2.3)
      pdf-writer (= 1.1.8)
    starling (0.9.8)
      SyslogLogger
      eventmachine (>= 0.12.0)
      memcache-client
    transaction-simple (1.4.0.2)
    unicorn (0.99.0)
      rack
    will_paginate (3.0.7)
    workling (0.4.9.9)

PLATFORMS
  ruby

DEPENDENCIES
  RedCloth (= 4.2.2)
  acts_as_reportable (= 1.1.1)
  facter (= 1.5.6)
  fast_xs (= 0.7.3)
  fastercsv (= 1.2.3)
  hoe (= 2.3.2)
  hpricot (= 0.8.1)
  is_graffitiable (= 0.1.4)
  rails (= 2.3.11)
  ruby-debug (= 0.10.3)
  ruby-graphviz (= 0.9.0)
  ruby-mysql (= 2.9.4)
  ruby-net-ldap (= 0.0.4)
  ruport (= 1.6.1)
  starling (= 0.9.8)
  unicorn (= 0.99.0)
  will_paginate
  workling (= 0.4.9.9)
